GEM
  remote: https://rubygems.org/
  specs:
    gemoji (3.0.1)

PLATFORMS
  arm64-darwin-21

DEPENDENCIES
  gemoji

BUNDLED WITH
   2.3.16
